GIT
  remote: https://github.com/jabbrwcky/prawn-qrcode
  revision: 08e457af2d6661ede3346a3a3dc3b99a9df9fd9b
  specs:
    prawn-qrcode (0.5.1)
      prawn (>= 1)
      rqrcode (>= 1.0.0)

GEM
  remote: https://rubygems.org/
  specs:
    chunky_png (1.3.11)
    excon (0.73.0)
    json (2.3.0)
    mustermann (1.1.1)
      ruby2_keywords (~> 0.0.1)
    pdf-core (0.7.0)
    prawn (2.2.2)
      pdf-core (~> 0.7.0)
      ttfunk (~> 1.5)
    rack (2.2.2)
    rack-protection (2.0.8.1)
      rack
    rqrcode (1.1.2)
      chunky_png (~> 1.0)
      rqrcode_core (~> 0.1)
    rqrcode_core (0.1.2)
    ruby2_keywords (0.0.2)
    sinatra (2.0.8.1)
      mustermann (~> 1.0)
      rack (~> 2.0)
      rack-protection (= 2.0.8.1)
      tilt (~> 2.0)
    tilt (2.0.10)
    ttfunk (1.6.2.1)

PLATFORMS
  ruby

DEPENDENCIES
  excon
  json
  prawn
  prawn-qrcode!
  sinatra

BUNDLED WITH
   1.17.2
